GEM
  remote: https://rubygems.org/
  specs:
    motion-popup (1.1)
    rake (10.3.1)

PLATFORMS
  ruby

DEPENDENCIES
  motion-popup
  rake
